GEM
  remote: https://rubygems.org/
  specs:
    zeitwerk (2.6.18)

PLATFORMS
  aarch64-linux-musl
  arm64-darwin-21
  arm64-darwin-23
  ruby
  x86_64-linux

DEPENDENCIES
  zeitwerk

BUNDLED WITH
   2.5.6
